GEM
  remote: https://rubygems.org/
  specs:
    abstract_type (0.0.7)
    adamantium (0.2.0)
      ice_nine (~> 0.11.0)
      memoizable (~> 0.4.0)
    ast (2.0.0)
    astrolabe (1.3.0)
      parser (>= 2.2.0.pre.3, < 3.0)
    concord (0.1.5)
      adamantium (~> 0.2.0)
      equalizer (~> 0.0.9)
    diff-lcs (1.2.5)
    equalizer (0.0.11)
    erubis (2.7.0)
    foodcritic (4.0.0)
      erubis
      gherkin (~> 2.11)
      nokogiri (~> 1.5)
      rake
      rufus-lru (~> 1.0)
      treetop (~> 1.4)
      yajl-ruby (~> 1.1)
    gherkin (2.12.2)
      multi_json (~> 1.3)
    ice_nine (0.11.2)
    memoizable (0.4.2)
      thread_safe (~> 0.3, >= 0.3.1)
    mini_portile (0.6.2)
    multi_json (1.11.0)
    nokogiri (1.6.6.2)
      mini_portile (~> 0.6.0)
    parser (2.2.0.3)
      ast (>= 1.1, < 3.0)
    polyglot (0.3.5)
    powerpack (0.1.0)
    procto (0.0.3)
    puppet-lint (1.1.0)
    rainbow (2.0.0)
    rake (10.4.2)
    reek (2.2.1)
      parser (~> 2.2)
      rainbow (~> 2.0)
      unparser (~> 0.2.2)
    rubocop (0.29.1)
      astrolabe (~> 1.3)
      parser (>= 2.2.0.1, < 3.0)
      powerpack (~> 0.1)
      rainbow (>= 1.99.1, < 3.0)
      ruby-progressbar (~> 1.4)
    ruby-progressbar (1.7.1)
    rufus-lru (1.0.5)
    thread_safe (0.3.5)
    treetop (1.6.2)
      polyglot (~> 0.3)
    unparser (0.2.2)
      abstract_type (~> 0.0.7)
      adamantium (~> 0.2.0)
      concord (~> 0.1.5)
      diff-lcs (~> 1.2.5)
      equalizer (~> 0.0.9)
      parser (~> 2.2.0.2)
      procto (~> 0.0.2)
    yajl-ruby (1.2.1)

PLATFORMS
  ruby

DEPENDENCIES
  foodcritic
  puppet-lint
  reek
  rubocop

BUNDLED WITH
   1.11.2
